GEM
  remote: http://rubygems.org/
  specs:
    actionmailer (2.3.10)
      actionpack (= 2.3.10)
    actionpack (2.3.10)
      activesupport (= 2.3.10)
      rack (~> 1.1.0)
    activerecord (2.3.10)
      activesupport (= 2.3.10)
    activeresource (2.3.10)
      activesupport (= 2.3.10)
    activesupport (2.3.10)
    diff-lcs (1.1.2)
    fakeweb (1.3.0)
    rack (1.1.0)
    rails (2.3.10)
      actionmailer (= 2.3.10)
      actionpack (= 2.3.10)
      activerecord (= 2.3.10)
      activeresource (= 2.3.10)
      activesupport (= 2.3.10)
      rake (>= 0.8.3)
    rake (0.8.7)
    rspec (2.4.0)
      rspec-core (~> 2.4.0)
      rspec-expectations (~> 2.4.0)
      rspec-mocks (~> 2.4.0)
    rspec-core (2.4.0)
    rspec-expectations (2.4.0)
      diff-lcs (~> 1.1.2)
    rspec-mocks (2.4.0)

PLATFORMS
  ruby

DEPENDENCIES
  fakeweb (~> 1.3.0)
  rails (~> 2.3.5)
  rspec (~> 2.4.0)
